{
  "Manufacturer": "Siemens",
  "ManufacturersModelName": "TrioTim",
  "MagneticFieldStrength": 3,
  "FlipAngle": 90,
  "EchoTime": 0.092,
  "RepetitionTime": 10,
  "EffectiveEchoSpacing": 0.000699982,
  "SliceTiming": [
    5.02, 0, 5.22, 0.2, 5.4225, 0.4025, 5.6225, 0.6025, 5.8225, 0.8025, 6.025, 1.005, 6.225, 1.205, 6.425, 1.405, 6.6275,
    1.6075, 6.8275, 1.8075, 7.0275, 2.0075, 7.2275, 2.21, 7.43, 2.41, 7.63, 2.61, 7.83, 2.8125, 8.0325, 3.0125, 8.2325,
    3.2125, 8.4325, 3.4125, 8.635, 3.615, 8.835, 3.815, 9.035, 4.015, 9.2375, 4.2175, 9.4375, 4.4175, 9.6375, 4.6175, 9.84,
    4.82
  ],
  "PhaseEncodingDirection": "j-",
  "TotalReadoutTime": 0.05
}